GEM
  remote: https://rubygems.org/
  specs:
    aws-sdk (2.0.48)
      aws-sdk-resources (= 2.0.48)
    aws-sdk-core (2.0.48)
      builder (~> 3.0)
      jmespath (~> 1.0)
      multi_json (~> 1.0)
    aws-sdk-resources (2.0.48)
      aws-sdk-core (= 2.0.48)
    builder (3.2.4)
    jmespath (1.4.0)
    json (1.8.6)
    macaddr (1.7.2)
      systemu (~> 2.6.5)
    multi_json (1.14.1)
    rdoc (3.12.2)
      json (~> 1.4)
    systemu (2.6.5)
    uuid (2.3.9)
      macaddr (~> 1.0)

PLATFORMS
  x64-mingw32

DEPENDENCIES
  aws-sdk (~> 2.0.22)
  json (~> 1.8.1)
  rdoc (~> 3.12)
  uuid (~> 2.3.7)

BUNDLED WITH
   2.1.4
